GIT
  remote: https://github.com/cloudfoundry/common.git
  revision: 6554ce1c83b73a945855bcbb18fbb3b1602a1a5a
  specs:
    em-posix-spawn (0.1.10)
      eventmachine
      posix-spawn

GIT
  remote: https://github.com/cloudfoundry/membrane.git
  revision: b33b45c7b8a89af2b40aae1e1cb16e394877681f
  specs:
    membrane (0.0.3)

GIT
  remote: https://github.com/cloudfoundry/steno.git
  revision: e71a658f05b7cbf54006c3cc29db752cdfb192df
  specs:
    steno (0.0.15)
      grape
      yajl-ruby

PATH
  remote: ../warden-client
  specs:
    warden-client (0.1.0)
      warden-protocol (~> 0.1.0)

PATH
  remote: ../warden-protocol
  specs:
    warden-protocol (0.1.5)
      beefcake (~> 0.3.0)

GEM
  remote: http://rubygems.org/
  specs:
    beefcake (0.3.7)
    diff-lcs (1.1.3)
    eventmachine (1.0.3)
    grape (0.2.1)
      hashie (~> 1.2)
      multi_json
      multi_xml
      rack
      rack-mount
    hashie (1.2.0)
    multi_json (1.3.6)
    multi_xml (0.5.1)
    pidfile (0.3.0)
    posix-spawn (0.3.6)
    rack (1.4.1)
    rack-mount (0.8.3)
      rack (>= 1.0.0)
    rake (0.9.2.2)
    rspec (2.11.0)
      rspec-core (~> 2.11.0)
      rspec-expectations (~> 2.11.0)
      rspec-mocks (~> 2.11.0)
    rspec-core (2.11.0)
    rspec-expectations (2.11.1)
      diff-lcs (~> 1.1.3)
    rspec-mocks (2.11.1)
    yajl-ruby (1.2.1)

PLATFORMS
  ruby

DEPENDENCIES
  em-posix-spawn!
  eventmachine (= 1.0.3)
  membrane!
  pidfile
  rake
  rspec (~> 2.11.0)
  steno (~> 0.0.15)!
  warden-client!
  warden-protocol!
  yajl-ruby
